PATH
  remote: .
  specs:
    feature (0.1.0)
      redis (~> 2.2)
      redis-namespace (~> 1.0)

GEM
  remote: http://rubygems.org/
  specs:
    diff-lcs (1.1.3)
    growl (1.0.3)
    guard (0.8.8)
      thor (~> 0.14.6)
    guard-rspec (0.5.11)
      guard (>= 0.8.4)
    metaclass (0.0.1)
    mocha (0.12.6)
      metaclass (~> 0.0.1)
    rb-fsevent (0.9.1)
    redis (2.2.2)
    redis-namespace (1.1.0)
      redis (< 3.0.0)
    rspec (2.11.0)
      rspec-core (~> 2.11.0)
      rspec-expectations (~> 2.11.0)
      rspec-mocks (~> 2.11.0)
    rspec-core (2.11.1)
    rspec-expectations (2.11.3)
      diff-lcs (~> 1.1.3)
    rspec-mocks (2.11.3)
    thor (0.14.6)

PLATFORMS
  ruby

DEPENDENCIES
  feature!
  growl (~> 1.0.3)
  guard (~> 0.8.8)
  guard-rspec (~> 0.5.4)
  mocha (~> 0.12)
  rb-fsevent (~> 0.9)
  rspec (~> 2.11)
